GEM
  remote: https://rubygems.org/
  specs:
    bson (1.9.2)
    bson_ext (1.9.2)
      bson (~> 1.9.2)
    jsmin (1.0.1)
    kgio (2.8.1)
    mongo (1.9.2)
      bson (~> 1.9.2)
    rack (1.5.2)
    rack-protection (1.5.1)
      rack
    rack-test (0.6.2)
      rack (>= 1.0)
    raindrops (0.12.0)
    sinatra (1.4.3)
      rack (~> 1.4)
      rack-protection (~> 1.4)
      tilt (~> 1.3, >= 1.3.4)
    sinatra-assetpack (0.3.1)
      jsmin
      rack-test
      sinatra
      tilt (>= 1.3.0)
    sinatra-seo (0.3.0)
      sinatra (>= 0.9.4)
    tilt (1.4.1)
    unicorn (4.7.0)
      kgio (~> 2.6)
      rack
      raindrops (~> 0.7)

PLATFORMS
  ruby

DEPENDENCIES
  bson_ext
  mongo
  sinatra (= 1.4.3)
  sinatra-assetpack
  sinatra-seo
  unicorn
